PATH
  remote: .
  specs:
    mailcatcher-jruby (1.0)
      activerecord (>= 3.0.0, < 3.3)
      activerecord-jdbcsqlite3-adapter (~> 1.3)
      activesupport (>= 3.0.0, < 3.3)
      eventmachine (~> 1.0.0)
      haml (>= 3.1, < 4.1)
      mail (~> 2.3)
      puma (~> 1.5.0)
      sinatra (~> 1.2)

GEM
  remote: https://rubygems.org/
  specs:
    activemodel (3.2.16)
      activesupport (= 3.2.16)
      builder (~> 3.0.0)
    activerecord (3.2.16)
      activemodel (= 3.2.16)
      activesupport (= 3.2.16)
      arel (~> 3.0.2)
      tzinfo (~> 0.3.29)
    activerecord-jdbc-adapter (1.3.4)
      activerecord (>= 2.2)
    activerecord-jdbcsqlite3-adapter (1.3.4)
      activerecord-jdbc-adapter (~> 1.3.4)
      jdbc-sqlite3 (~> 3.7.2)
    activesupport (3.2.16)
      i18n (~> 0.6, >= 0.6.4)
      multi_json (~> 1.0)
    arel (3.0.3)
    builder (3.0.4)
    chunky_png (1.2.7)
    coffee-script (2.2.0)
      coffee-script-source
      execjs
    coffee-script-source (1.6.1)
    compass (0.12.2)
      chunky_png (~> 1.2)
      fssm (>= 0.2.7)
      sass (~> 3.1)
    eventmachine (1.0.3-java)
    execjs (1.4.0)
      multi_json (~> 1.0)
    fssm (0.2.10)
    haml (4.0.4)
      tilt
    i18n (0.6.9)
    jdbc-sqlite3 (3.7.2.1)
    mail (2.5.4)
      mime-types (~> 1.16)
      treetop (~> 1.4.8)
    mime-types (1.25.1)
    multi_json (1.6.1)
    polyglot (0.3.3)
    puma (1.5.0-java)
      rack (~> 1.2)
    rack (1.5.2)
    rack-protection (1.5.1)
      rack
    rake (10.0.3)
    rdoc (4.0.0)
    sass (3.2.7)
    sinatra (1.4.4)
      rack (~> 1.4)
      rack-protection (~> 1.4)
      tilt (~> 1.3, >= 1.3.4)
    tilt (1.4.1)
    treetop (1.4.15)
      polyglot
      polyglot (>= 0.3.1)
    tzinfo (0.3.38)

PLATFORMS
  java
  ruby

DEPENDENCIES
  coffee-script
  compass
  mailcatcher-jruby!
  rake
  rdoc
  sass
